GIT
  remote: https://github.com/onelogin/ruby-saml.git
  revision: c6da73baefeec891c9e0ded91fb4b123a48ce0a7
  specs:
    ruby-saml (1.5.0)
      nokogiri (>= 1.5.10)

GEM
  remote: https://rubygems.org/
  remote: https://rails-assets.org/
  specs:
    actionmailer (4.2.7.1)
      actionpack (= 4.2.7.1)
      actionview (= 4.2.7.1)
      activejob (= 4.2.7.1)
      mail (~> 2.5, >= 2.5.4)
      rails-dom-testing (~> 1.0, >= 1.0.5)
    actionpack (4.2.7.1)
      actionview (= 4.2.7.1)
      activesupport (= 4.2.7.1)
      rack (~> 1.6)
      rack-test (~> 0.6.2)
      rails-dom-testing (~> 1.0, >= 1.0.5)
      rails-html-sanitizer (~> 1.0, >= 1.0.2)
    actionview (4.2.7.1)
      activesupport (= 4.2.7.1)
      builder (~> 3.1)
      erubis (~> 2.7.0)
      rails-dom-testing (~> 1.0, >= 1.0.5)
      rails-html-sanitizer (~> 1.0, >= 1.0.2)
    active_model_serializers (0.10.0)
      actionpack (>= 4.0)
      activemodel (>= 4.0)
      railties (>= 4.0)
    activeadmin (1.1.0)
      arbre (>= 1.1.1)
      coffee-rails
      formtastic (~> 3.1)
      formtastic_i18n
      inherited_resources (~> 1.7)
      jquery-rails
      kaminari (>= 0.15, < 2.0)
      railties (>= 4.2, < 5.2)
      ransack (~> 1.3)
      sass (~> 3.1)
      sprockets (< 4.1)
    activejob (4.2.7.1)
      activesupport (= 4.2.7.1)
      globalid (>= 0.3.0)
    activemodel (4.2.7.1)
      activesupport (= 4.2.7.1)
      builder (~> 3.1)
    activerecord (4.2.7.1)
      activemodel (= 4.2.7.1)
      activesupport (= 4.2.7.1)
      arel (~> 6.0)
    activesupport (4.2.7.1)
      i18n (~> 0.7)
      json (~> 1.7, >= 1.7.7)
      minitest (~> 5.1)
      thread_safe (~> 0.3, >= 0.3.4)
      tzinfo (~> 1.1)
    acts_as_list (0.7.4)
      activerecord (>= 3.0)
    addressable (2.5.2)
      public_suffix (>= 2.0.2, < 4.0)
    adp-connection (0.1.4)
      json (~> 1.8)
    after_commit_action (1.0.1)
      activerecord (>= 3.0.0)
      activesupport (>= 3.0.0)
    airbrussh (1.3.0)
      sshkit (>= 1.6.1, != 1.7.0)
    algoliasearch (1.18.1)
      httpclient (~> 2.8.3)
      json (>= 1.5.1)
    algoliasearch-rails (1.20.3)
      algoliasearch (>= 1.17.0, < 2.0.0)
      json (>= 1.5.1)
    angular-rails-templates (1.0.0)
      railties (>= 4.2, < 6)
      sprockets (~> 3.0)
      tilt
    arbre (1.1.1)
      activesupport (>= 3.0.0)
    arel (6.0.4)
    attr_encrypted (3.0.3)
      encryptor (~> 3.0.0)
    autoprefixer-rails (6.3.6.1)
      execjs
    awesome_print (1.6.1)
    aws-sdk (2.10.87)
      aws-sdk-resources (= 2.10.87)
    aws-sdk-core (2.10.87)
      aws-sigv4 (~> 1.0)
      jmespath (~> 1.0)
    aws-sdk-resources (2.10.87)
      aws-sdk-core (= 2.10.87)
    aws-sigv4 (1.0.2)
    axiom-types (0.1.1)
      descendants_tracker (~> 0.0.4)
      ice_nine (~> 0.11.0)
      thread_safe (~> 0.3, >= 0.3.1)
    bamboozled (0.1.0)
      activesupport
      httparty (~> 0.13)
      json (~> 1.8)
    bcrypt (3.1.11)
    binding_of_caller (0.7.3)
      debug_inspector (>= 0.0.1)
    brakeman (4.0.1)
    bugsnag (6.1.0)
    builder (3.2.3)
    byebug (9.0.5)
    cancancan (1.14.0)
    capistrano (3.5.0)
      airbrussh (>= 1.0.0)
      capistrano-harrow
      i18n
      rake (>= 10.0.0)
      sshkit (>= 1.9.0)
    capistrano-bundler (1.1.4)
      capistrano (~> 3.1)
      sshkit (~> 1.2)
    capistrano-harrow (0.5.3)
    capistrano-rails (1.1.6)
      capistrano (~> 3.1)
      capistrano-bundler (~> 1.1)
    capistrano-sidekiq (0.10.0)
      capistrano
      sidekiq (>= 3.4)
    capybara (2.7.1)
      addressable
      mime-types (>= 1.16)
      nokogiri (>= 1.3.3)
      rack (>= 1.0.0)
      rack-test (>= 0.5.4)
      xpath (~> 2.0)
    capybara-screenshot (1.0.13)
      capybara (>= 1.0, < 3)
      launchy
    carrierwave (0.11.2)
      activemodel (>= 3.2.0)
      activesupport (>= 3.2.0)
      json (>= 1.7)
      mime-types (>= 1.16)
      mimemagic (>= 0.3.0)
    carrierwave-aws (1.0.1)
      aws-sdk (~> 2.0)
      carrierwave (~> 0.7)
    childprocess (0.8.0)
      ffi (~> 1.0, >= 1.0.11)
    chilkat (9.5.0.65-x86-linux)
    chronic (0.10.2)
    city-state (0.0.13)
      rubyzip (~> 1.1)
    clamby (1.3.1)
    cliver (0.3.2)
    codeclimate-test-reporter (1.0.8)
      simplecov (<= 0.13)
    coercible (1.0.0)
      descendants_tracker (~> 0.0.1)
    coffee-rails (4.1.1)
      coffee-script (>= 2.2.0)
      railties (>= 4.0.0, < 5.1.x)
    coffee-script (2.4.1)
      coffee-script-source
      execjs
    coffee-script-source (1.12.2)
    concurrent-ruby (1.0.5)
    connection_pool (2.2.1)
    counter_culture (0.1.34)
      activerecord (>= 3.0.0)
      activesupport (>= 3.0.0)
      after_commit_action (~> 1.0.0)
    countries (2.1.2)
      i18n_data (~> 0.8.0)
      money (~> 6.9)
      sixarm_ruby_unaccent (~> 1.1)
      unicode_utils (~> 1.4)
    country_state_select (2.0.0)
      city-state
      rails (>= 3.0)
    crass (1.0.3)
    css_parser (1.6.0)
      addressable
    daemons (1.2.5)
    database_cleaner (1.5.3)
    ddtrace (0.9.2)
      msgpack
    debug_inspector (0.0.3)
    declarative (0.0.10)
    declarative-option (0.1.0)
    descendants_tracker (0.0.4)
      thread_safe (~> 0.3, >= 0.3.1)
    devise (4.0.3)
      bcrypt (~> 3.0)
      orm_adapter (~> 0.1)
      railties (>= 4.1.0, < 5.1)
      responders
      warden (~> 1.2.3)
    devise_token_auth (0.1.37)
      devise (> 3.5.2, < 4.1)
      rails (< 6)
    diff-lcs (1.3)
    digest-murmurhash (1.1.1)
    docile (1.1.5)
    domain_name (0.5.20170404)
      unf (>= 0.0.5, < 1.0.0)
    email_spec (2.1.0)
      htmlentities (~> 4.3.3)
      launchy (~> 2.1)
      mail (~> 2.6.3)
    encryptor (3.0.0)
    equalizer (0.0.11)
    erubis (2.7.0)
    eventmachine (1.2.5)
    execjs (2.7.0)
    factory_girl (4.7.0)
      activesupport (>= 3.0.0)
    factory_girl_rails (4.7.0)
      factory_girl (~> 4.7.0)
      railties (>= 3.0.0)
    faker (1.6.3)
      i18n (~> 0.5)
    faraday (0.12.2)
      multipart-post (>= 1.2, < 3)
    ffi (1.9.18)
    figaro (1.1.1)
      thor (~> 0.14)
    firebase (0.2.6)
      httpclient
      json
    formtastic (3.1.5)
      actionpack (>= 3.2.13)
    formtastic_i18n (0.6.0)
    fuubar (2.0.0)
      rspec (~> 3.0)
      ruby-progressbar (~> 1.4)
    globalid (0.4.1)
      activesupport (>= 4.2.0)
    google-api-client (0.17.2)
      addressable (~> 2.5, >= 2.5.1)
      googleauth (>= 0.5, < 0.7.0)
      httpclient (>= 2.8.1, < 3.0)
      mime-types (~> 3.0)
      representable (~> 3.0)
      retriable (>= 2.0, < 4.0)
    googleauth (0.6.2)
      faraday (~> 0.12)
      jwt (>= 1.4, < 3.0)
      logging (~> 2.0)
      memoist (~> 0.12)
      multi_json (~> 1.11)
      os (~> 0.9)
      signet (~> 0.7)
    haml (4.0.7)
      tilt
    haml-rails (0.9.0)
      actionpack (>= 4.0.1)
      activesupport (>= 4.0.1)
      haml (>= 4.0.6, < 5.0)
      html2haml (>= 1.0.1)
      railties (>= 4.0.1)
    has_scope (0.7.1)
      actionpack (>= 4.1, < 5.2)
      activesupport (>= 4.1, < 5.2)
    hashie (3.5.6)
    hellosign-ruby-sdk (3.5.1)
      faraday
      mime-types
      multi_json
    html2haml (2.2.0)
      erubis (~> 2.7.0)
      haml (>= 4.0, < 6)
      nokogiri (>= 1.6.0)
      ruby_parser (~> 3.5)
    htmlentities (4.3.4)
    http (3.0.0)
      addressable (~> 2.3)
      http-cookie (~> 1.0)
      http-form_data (>= 2.0.0.pre.pre2, < 3)
      http_parser.rb (~> 0.6.0)
    http-cookie (1.0.3)
      domain_name (~> 0.5)
    http-form_data (2.0.0)
    http_parser.rb (0.6.0)
    httparty (0.15.6)
      multi_xml (>= 0.5.2)
    httpclient (2.8.3)
    humanize (1.7.0)
    i18n (0.9.1)
      concurrent-ruby (~> 1.0)
    i18n-js (3.0.2)
      i18n (~> 0.6, >= 0.6.6)
    i18n_data (0.8.0)
    icalendar (2.4.1)
    ice_nine (0.11.2)
    inherited_resources (1.7.2)
      actionpack (>= 3.2, < 5.2.x)
      has_scope (~> 0.6)
      railties (>= 3.2, < 5.2.x)
      responders
    intercom (3.5.22)
      json (>= 1.8)
    intercom-rails (0.3.5)
      activesupport (> 3.0)
    jira-ruby (1.4.3)
      activesupport
      multipart-post
      oauth (~> 0.5, >= 0.5.0)
    jmespath (1.3.1)
    jquery-rails (4.1.1)
      rails-dom-testing (>= 1, < 3)
      railties (>= 4.2.0)
      thor (>= 0.14, < 2.0)
    json (1.8.6)
    jwt (1.5.6)
    kaminari (1.1.1)
      activesupport (>= 4.1.0)
      kaminari-actionview (= 1.1.1)
      kaminari-activerecord (= 1.1.1)
      kaminari-core (= 1.1.1)
    kaminari-actionview (1.1.1)
      actionview
      kaminari-core (= 1.1.1)
    kaminari-activerecord (1.1.1)
      activerecord
      kaminari-core (= 1.1.1)
    kaminari-core (1.1.1)
    launchy (2.4.3)
      addressable (~> 2.3)
    letter_opener (1.4.1)
      launchy (~> 2.2)
    little-plugger (1.1.4)
    logging (2.2.2)
      little-plugger (~> 1.1)
      multi_json (~> 1.10)
    loofah (2.1.1)
      crass (~> 1.0.2)
      nokogiri (>= 1.5.9)
    mail (2.6.6)
      mime-types (>= 1.16, < 4)
    memoist (0.16.0)
    mime-types (3.1)
      mime-types-data (~> 3.2015)
    mime-types-data (3.2016.0521)
    mimemagic (0.3.2)
    mini_magick (3.8.0)
      subexec (~> 0.2.1)
    mini_portile2 (2.3.0)
    minitest (5.10.3)
    money (6.10.0)
      i18n (>= 0.6.4, < 1.0)
    msgpack (1.1.0)
    multi_json (1.12.2)
    multi_xml (0.6.0)
    multipart-post (2.0.0)
    net-http-persistent (2.9.4)
    net-scp (1.2.1)
      net-ssh (>= 2.6.5)
    net-ssh (4.2.0)
    netrc (0.11.0)
    newrelic_rpm (4.6.0.338)
    nokogiri (1.8.1)
      mini_portile2 (~> 2.3.0)
    oauth (0.5.3)
    oauth2 (1.4.0)
      faraday (>= 0.8, < 0.13)
      jwt (~> 1.0)
      multi_json (~> 1.3)
      multi_xml (~> 0.5)
      rack (>= 1.2, < 3)
    omniauth (1.7.1)
      hashie (>= 3.4.6, < 3.6.0)
      rack (>= 1.6.2, < 3)
    omniauth-google-oauth2 (0.5.2)
      jwt (~> 1.5)
      multi_json (~> 1.3)
      omniauth (>= 1.1.1)
      omniauth-oauth2 (>= 1.3.1)
    omniauth-oauth2 (1.4.0)
      oauth2 (~> 1.0)
      omniauth (~> 1.2)
    orm_adapter (0.5.0)
    os (0.9.6)
    pg (0.18.4)
    phonelib (0.6.16)
    poltergeist (1.9.0)
      capybara (~> 2.1)
      cliver (~> 0.3.1)
      multi_json (~> 1.0)
      websocket-driver (>= 0.2.0)
    polyamorous (1.3.1)
      activerecord (>= 3.0)
    public_suffix (3.0.1)
    puma (3.4.0)
    rack (1.6.8)
    rack-protection (2.0.0)
      rack
    rack-test (0.6.3)
      rack (>= 1.0)
    rails (4.2.7.1)
      actionmailer (= 4.2.7.1)
      actionpack (= 4.2.7.1)
      actionview (= 4.2.7.1)
      activejob (= 4.2.7.1)
      activemodel (= 4.2.7.1)
      activerecord (= 4.2.7.1)
      activesupport (= 4.2.7.1)
      bundler (>= 1.3.0, < 2.0)
      railties (= 4.2.7.1)
      sprockets-rails
    rails-api (0.4.0)
      actionpack (>= 3.2.11)
      railties (>= 3.2.11)
    rails-assets-angular (1.5.6)
    rails-assets-angular-animate (1.5.6)
      rails-assets-angular (= 1.5.6)
    rails-assets-angular-aria (1.5.6)
      rails-assets-angular (= 1.5.6)
    rails-assets-angular-cookie (4.1.0)
      rails-assets-angular
    rails-assets-angular-cookies (1.5.6)
      rails-assets-angular (= 1.5.6)
    rails-assets-angular-datatables (4.4.1)
    rails-assets-angular-environment (1.0.8)
      rails-assets-angular (> 1.2.0)
    rails-assets-angular-material (1.1.5)
      rails-assets-angular (>= 1.4.8, < 2)
      rails-assets-angular-animate (>= 1.4.8, < 2)
      rails-assets-angular-aria (>= 1.4.8, < 2)
      rails-assets-angular-messages (>= 1.4.8, < 2)
    rails-assets-angular-messages (1.5.6)
      rails-assets-angular (= 1.5.6)
    rails-assets-angular-resource (1.5.6)
      rails-assets-angular (= 1.5.6)
    rails-assets-angular-sanitize (1.5.6)
      rails-assets-angular (= 1.5.6)
    rails-assets-angular-ui-router (0.3.0)
      rails-assets-angular (>= 1.0.8, < 2)
    rails-assets-browser (1.8.1)
    rails-assets-datatables (1.10.16)
      rails-assets-jquery (>= 1.7.0)
    rails-assets-datatables-responsive (2.2.0)
      rails-assets-datatables (>= 1.10.1)
      rails-assets-jquery (>= 1.7.0)
    rails-assets-datatables.net (3.2.2)
      rails-assets-jquery (>= 1.7)
    rails-assets-dropify (0.2.2)
      rails-assets-jquery (>= 1.8)
    rails-assets-jquery (3.2.1)
    rails-assets-mobile-detect (1.3.7)
    rails-assets-moment (2.13.0)
    rails-assets-ng-csv (0.3.6)
      rails-assets-angular (~> 1)
      rails-assets-angular-sanitize (~> 1)
    rails-assets-ng-sortable (1.3.6)
      rails-assets-angular (>= 1.3.0)
    rails-assets-ng-token-auth (0.0.27)
      rails-assets-angular (>= 1.2.0)
      rails-assets-angular-cookie (>= 4.0.6)
    rails-assets-ngtouch (1.0.2)
      rails-assets-angular (>= 1.4.5, < 2)
    rails-assets-parsleyjs (2.8.0)
      rails-assets-jquery (> 1.8)
    rails-assets-perfect-scrollbar (0.8.1)
    rails-assets-rangy (1.3.0)
    rails-deprecated_sanitizer (1.0.3)
      activesupport (>= 4.2.0.alpha)
    rails-dom-testing (1.0.8)
      activesupport (>= 4.2.0.beta, < 5.0)
      nokogiri (~> 1.6)
      rails-deprecated_sanitizer (>= 1.0.1)
    rails-html-sanitizer (1.0.3)
      loofah (~> 2.0)
    railties (4.2.7.1)
      actionpack (= 4.2.7.1)
      activesupport (= 4.2.7.1)
      rake (>= 0.8.7)
      thor (>= 0.18.1, < 2.0)
    rake (12.3.0)
    ransack (1.8.4)
      actionpack (>= 3.0)
      activerecord (>= 3.0)
      activesupport (>= 3.0)
      i18n
      polyamorous (~> 1.3)
    rb-fsevent (0.10.2)
    rb-inotify (0.9.10)
      ffi (>= 0.5.0, < 2)
    redis (3.3.5)
    representable (3.0.4)
      declarative (< 0.1.0)
      declarative-option (< 0.2.0)
      uber (< 0.2.0)
    responders (2.2.0)
      railties (>= 4.2.0, < 5.1)
    rest-client (2.0.2)
      http-cookie (>= 1.0.2, < 2.0)
      mime-types (>= 1.16, < 4.0)
      netrc (~> 0.8)
    retriable (3.1.1)
    roadie (3.2.2)
      css_parser (~> 1.4)
      nokogiri (~> 1.5)
    roadie-rails (1.1.1)
      railties (>= 3.0, < 5.1)
      roadie (~> 3.1)
    rspec (3.4.0)
      rspec-core (~> 3.4.0)
      rspec-expectations (~> 3.4.0)
      rspec-mocks (~> 3.4.0)
    rspec-core (3.4.4)
      rspec-support (~> 3.4.0)
    rspec-expectations (3.4.0)
      diff-lcs (>= 1.2.0, < 2.0)
      rspec-support (~> 3.4.0)
    rspec-mocks (3.4.1)
      diff-lcs (>= 1.2.0, < 2.0)
      rspec-support (~> 3.4.0)
    rspec-rails (3.4.2)
      actionpack (>= 3.0, < 4.3)
      activesupport (>= 3.0, < 4.3)
      railties (>= 3.0, < 4.3)
      rspec-core (~> 3.4.0)
      rspec-expectations (~> 3.4.0)
      rspec-mocks (~> 3.4.0)
      rspec-support (~> 3.4.0)
    rspec-support (3.4.1)
    ruby-progressbar (1.9.0)
    ruby_parser (3.10.1)
      sexp_processor (~> 4.9)
    rubyzip (1.2.1)
    rvm1-capistrano3 (1.4.0)
      capistrano (~> 3.0)
      sshkit (>= 1.2)
    sass (3.5.3)
      sass-listen (~> 4.0.0)
    sass-listen (4.0.0)
      rb-fsevent (~> 0.9, >= 0.9.4)
      rb-inotify (~> 0.9, >= 0.9.7)
    sass-rails (5.0.4)
      railties (>= 4.0.0, < 5.0)
      sass (~> 3.1)
      sprockets (>= 2.8, < 4.0)
      sprockets-rails (>= 2.0, < 4.0)
      tilt (>= 1.1, < 3)
    selenium-webdriver (3.7.0)
      childprocess (~> 0.5)
      rubyzip (~> 1.0)
    sexp_processor (4.10.0)
    shoulda-matchers (3.1.1)
      activesupport (>= 4.0.0)
    sidekiq (5.0.5)
      concurrent-ruby (~> 1.0)
      connection_pool (~> 2.2, >= 2.2.0)
      rack-protection (>= 1.5.0)
      redis (>= 3.3.4, < 5)
    sidekiq-limit_fetch (3.4.0)
      sidekiq (>= 4)
    signet (0.8.1)
      addressable (~> 2.3)
      faraday (~> 0.9)
      jwt (>= 1.5, < 3.0)
      multi_json (~> 1.10)
    simplecov (0.13.0)
      docile (~> 1.1.0)
      json (>= 1.8, < 3)
      simplecov-html (~> 0.10.0)
    simplecov-html (0.10.2)
    sixarm_ruby_unaccent (1.2.0)
    splitapi-rb (1.2.0)
      json (~> 1.8)
      rest-client (~> 2.0)
    splitclient-rb (4.3.1)
      concurrent-ruby (~> 1.0)
      digest-murmurhash (>= 1.1)
      faraday (>= 0.8)
      json (>= 1.8)
      net-http-persistent (~> 2.9)
      redis (~> 3.2)
      thread_safe (>= 0.3)
    spring (1.7.1)
    sprockets (3.7.1)
      concurrent-ruby (~> 1.0)
      rack (> 1, < 3)
    sprockets-rails (3.2.1)
      actionpack (>= 4.0)
      activesupport (>= 4.0)
      sprockets (>= 3.0.0)
    sshkit (1.15.1)
      net-scp (>= 1.1.2)
      net-ssh (>= 2.8.0)
    state_machines (0.5.0)
    state_machines-activemodel (0.5.0)
      activemodel (>= 4.1, < 5.2)
      state_machines (>= 0.5.0)
    state_machines-activerecord (0.5.0)
      activerecord (>= 4.1, < 5.2)
      state_machines-activemodel (>= 0.5.0)
    subexec (0.2.3)
    thin (1.7.0)
      daemons (~> 1.0, >= 1.0.9)
      eventmachine (~> 1.0, >= 1.0.4)
      rack (>= 1, < 3)
    thor (0.20.0)
    thread_safe (0.3.6)
    tilt (2.0.8)
    timeliness (0.3.8)
    tzinfo (1.2.4)
      thread_safe (~> 0.1)
    uber (0.1.0)
    uglifier (3.0.0)
      execjs (>= 0.3.0, < 3)
    unf (0.1.4)
      unf_ext
    unf_ext (0.0.7.4)
    unicode_utils (1.4.0)
    validates_timeliness (4.0.2)
      timeliness (~> 0.3.7)
    virtus (1.0.5)
      axiom-types (~> 0.1)
      coercible (~> 1.0)
      descendants_tracker (~> 0.0, >= 0.0.3)
      equalizer (~> 0.0, >= 0.0.9)
    warden (1.2.7)
      rack (>= 1.0)
    web-console (2.3.0)
      activemodel (>= 4.0)
      binding_of_caller (>= 0.7.2)
      railties (>= 4.0)
      sprockets-rails (>= 2.0, < 4.0)
    websocket-driver (0.7.0)
      websocket-extensions (>= 0.1.0)
    websocket-extensions (0.1.3)
    whenever (0.10.0)
      chronic (>= 0.6.3)
    wicked_pdf (1.1.0)
    will_paginate (3.1.6)
    wkhtmltopdf-binary (0.12.3.1)
    xpath (2.1.0)
      nokogiri (~> 1.3)

PLATFORMS
  ruby

DEPENDENCIES
  active_model_serializers (= 0.10.0)
  activeadmin (= 1.1.0)
  acts_as_list (= 0.7.4)
  adp-connection
  algoliasearch-rails
  angular-rails-templates (= 1.0.0)
  attr_encrypted (~> 3.0.0)
  autoprefixer-rails (= 6.3.6.1)
  awesome_print (= 1.6.1)
  bamboozled
  brakeman
  bugsnag
  byebug (= 9.0.5)
  cancancan (= 1.14.0)
  capistrano (= 3.5.0)
  capistrano-bundler (= 1.1.4)
  capistrano-rails (= 1.1.6)
  capistrano-sidekiq
  capybara (= 2.7.1)
  capybara-screenshot (= 1.0.13)
  carrierwave (= 0.11.2)
  carrierwave-aws (= 1.0.1)
  chilkat (= 9.5.0.65)
  city-state
  clamby
  codeclimate-test-reporter (~> 1.0.0)
  coffee-rails (= 4.1.1)
  counter_culture (~> 0.1.33)
  countries
  country_state_select
  database_cleaner (= 1.5.3)
  ddtrace
  devise_token_auth (= 0.1.37)
  email_spec (= 2.1.0)
  factory_girl_rails (= 4.7.0)
  faker (= 1.6.3)
  figaro (= 1.1.1)
  firebase
  fuubar (= 2.0.0)
  google-api-client
  haml-rails (= 0.9.0)
  hellosign-ruby-sdk
  http
  httparty
  humanize
  i18n-js (>= 3.0.0.rc11)
  icalendar (~> 2.4, >= 2.4.1)
  intercom (~> 3.5.5)
  intercom-rails
  jira-ruby
  jquery-rails (= 4.1.1)
  letter_opener (= 1.4.1)
  mini_magick (= 3.8.0)
  newrelic_rpm
  nokogiri
  oauth
  omniauth
  omniauth-google-oauth2
  omniauth-oauth2 (~> 1.4.0)
  pg (= 0.18.4)
  phonelib
  poltergeist (= 1.9.0)
  puma (= 3.4.0)
  rails (= 4.2.7.1)
  rails-api (= 0.4.0)
  rails-assets-angular (= 1.5.6)!
  rails-assets-angular-cookies!
  rails-assets-angular-datatables!
  rails-assets-angular-environment!
  rails-assets-angular-material!
  rails-assets-angular-messages!
  rails-assets-angular-resource (= 1.5.6)!
  rails-assets-angular-sanitize (= 1.5.6)!
  rails-assets-angular-ui-router (= 0.3.0)!
  rails-assets-browser!
  rails-assets-datatables!
  rails-assets-datatables-responsive!
  rails-assets-datatables.net!
  rails-assets-dropify!
  rails-assets-mobile-detect!
  rails-assets-moment (= 2.13.0)!
  rails-assets-ng-csv!
  rails-assets-ng-sortable (= 1.3.6)!
  rails-assets-ng-token-auth (= 0.0.27)!
  rails-assets-ngtouch!
  rails-assets-parsleyjs!
  rails-assets-perfect-scrollbar!
  rails-assets-rangy!
  responders (= 2.2.0)
  rest-client
  roadie-rails (= 1.1.1)
  rspec-rails (= 3.4.2)
  ruby-saml!
  rubyzip
  rvm1-capistrano3 (= 1.4.0)
  sass-rails (= 5.0.4)
  selenium-webdriver
  shoulda-matchers (= 3.1.1)
  sidekiq
  sidekiq-limit_fetch
  simplecov
  splitapi-rb
  splitclient-rb (~> 4.3.0)
  spring (= 1.7.1)
  state_machines-activerecord
  thin (= 1.7.0)
  uglifier (= 3.0.0)
  validates_timeliness (= 4.0.2)
  virtus (= 1.0.5)
  web-console (= 2.3.0)
  whenever
  wicked_pdf
  will_paginate
  wkhtmltopdf-binary

BUNDLED WITH
   1.15.4
